GEM
  remote: https://rubygems.org/
  specs:
    ffi (1.9.21)

PLATFORMS
  ruby

DEPENDENCIES
  ffi

BUNDLED WITH
   1.16.1
